PATH
  remote: .
  specs:
    cskit-biblekjv (1.0.0)
      json

PATH
  remote: ~/workspace/cskit-rb
  specs:
    cskit (1.0.0)
      json
      treetop

GEM
  remote: http://rubygems.org/
  specs:
    coderay (1.0.9)
    json (1.7.7)
    method_source (0.8.1)
    polyglot (0.3.3)
    pry (0.9.12.1)
      coderay (~> 1.0.5)
      method_source (~> 0.8)
      slop (~> 3.4)
    pry-nav (0.2.3)
      pry (~> 0.9.10)
    rake (10.0.4)
    slop (3.4.4)
    treetop (1.4.12)
      polyglot
      polyglot (>= 0.3.1)

PLATFORMS
  ruby

DEPENDENCIES
  cskit!
  cskit-biblekjv!
  pry
  pry-nav
  rake
